GEM
  remote: https://rubygems.org/
  specs:
    actioncable (7.0.2.4)
      actionpack (= 7.0.2.4)
      activesupport (= 7.0.2.4)
      nio4r (~> 2.0)
      websocket-driver (>= 0.6.1)
    actionmailbox (7.0.2.4)
      actionpack (= 7.0.2.4)
      activejob (= 7.0.2.4)
      activerecord (= 7.0.2.4)
      activestorage (= 7.0.2.4)
      activesupport (= 7.0.2.4)
      mail (>= 2.7.1)
      net-imap
      net-pop
      net-smtp
    actionmailer (7.0.2.4)
      actionpack (= 7.0.2.4)
      actionview (= 7.0.2.4)
      activejob (= 7.0.2.4)
      activesupport (= 7.0.2.4)
      mail (~> 2.5, >= 2.5.4)
      net-imap
      net-pop
      net-smtp
      rails-dom-testing (~> 2.0)
    actionpack (7.0.2.4)
      actionview (= 7.0.2.4)
      activesupport (= 7.0.2.4)
      rack (~> 2.0, >= 2.2.0)
      rack-test (>= 0.6.3)
      rails-dom-testing (~> 2.0)
      rails-html-sanitizer (~> 1.0, >= 1.2.0)
    actiontext (7.0.2.4)
      actionpack (= 7.0.2.4)
      activerecord (= 7.0.2.4)
      activestorage (= 7.0.2.4)
      activesupport (= 7.0.2.4)
      globalid (>= 0.6.0)
      nokogiri (>= 1.8.5)
    actionview (7.0.2.4)
      activesupport (= 7.0.2.4)
      builder (~> 3.1)
      erubi (~> 1.4)
      rails-dom-testing (~> 2.0)
      rails-html-sanitizer (~> 1.1, >= 1.2.0)
    activejob (7.0.2.4)
      activesupport (= 7.0.2.4)
      globalid (>= 0.3.6)
    activemodel (7.0.2.4)
      activesupport (= 7.0.2.4)
    activemodel-serializers-xml (1.0.2)
      activemodel (> 5.x)
      activesupport (> 5.x)
      builder (~> 3.1)
    activerecord (7.0.2.4)
      activemodel (= 7.0.2.4)
      activesupport (= 7.0.2.4)
    activestorage (7.0.2.4)
      actionpack (= 7.0.2.4)
      activejob (= 7.0.2.4)
      activerecord (= 7.0.2.4)
      activesupport (= 7.0.2.4)
      marcel (~> 1.0)
      mini_mime (>= 1.1.0)
    activesupport (7.0.2.4)
      concurrent-ruby (~> 1.0, >= 1.0.2)
      i18n (>= 1.6, < 2)
      minitest (>= 5.1)
      tzinfo (~> 2.0)
    addressable (2.8.0)
      public_suffix (>= 2.0.2, < 5.0)
    ast (2.4.2)
    autoprefixer-rails (10.4.2.0)
      execjs (~> 2)
    aws-eventstream (1.2.0)
    aws-partitions (1.587.0)
    aws-sdk-core (3.131.0)
      aws-eventstream (~> 1, >= 1.0.2)
      aws-partitions (~> 1, >= 1.525.0)
      aws-sigv4 (~> 1.1)
      jmespath (~> 1.0)
    aws-sdk-kms (1.57.0)
      aws-sdk-core (~> 3, >= 3.127.0)
      aws-sigv4 (~> 1.1)
    aws-sdk-s3 (1.114.0)
      aws-sdk-core (~> 3, >= 3.127.0)
      aws-sdk-kms (~> 1)
      aws-sigv4 (~> 1.4)
    aws-sigv4 (1.5.0)
      aws-eventstream (~> 1, >= 1.0.2)
    bcrypt (3.1.17)
    better_errors (2.9.1)
      coderay (>= 1.0.0)
      erubi (>= 1.0.0)
      rack (>= 0.9.0)
    bindex (0.8.1)
    binding_of_caller (1.0.0)
      debug_inspector (>= 0.0.1)
    bootsnap (1.11.1)
      msgpack (~> 1.2)
    bootstrap (4.1.3)
      autoprefixer-rails (>= 6.0.3)
      popper_js (>= 1.12.9, < 2)
      sass (>= 3.5.2)
    builder (3.2.4)
    byebug (11.1.3)
    carrierwave (2.2.2)
      activemodel (>= 5.0.0)
      activesupport (>= 5.0.0)
      addressable (~> 2.6)
      image_processing (~> 1.1)
      marcel (~> 1.0.0)
      mini_mime (>= 0.1.3)
      ssrf_filter (~> 1.0)
    chronic (0.10.2)
    coderay (1.1.3)
    concurrent-ruby (1.1.10)
    crass (1.0.6)
    debug (1.5.0)
      irb (>= 1.3.6)
      reline (>= 0.2.7)
    debug_inspector (1.1.0)
    digest (3.1.0)
    dotenv (2.7.6)
    dotenv-rails (2.7.6)
      dotenv (= 2.7.6)
      railties (>= 3.2)
    draper (4.0.2)
      actionpack (>= 5.0)
      activemodel (>= 5.0)
      activemodel-serializers-xml (>= 1.0)
      activesupport (>= 5.0)
      request_store (>= 1.0)
      ruby2_keywords
    enum_help (0.0.19)
      activesupport (>= 3.0.0)
    erubi (1.10.0)
    excon (0.92.3)
    execjs (2.8.1)
    faker (2.20.0)
      i18n (>= 1.8.11, < 2)
    faraday (2.2.0)
      faraday-net_http (~> 2.0)
      ruby2_keywords (>= 0.0.4)
    faraday-net_http (2.0.2)
    ffi (1.15.5)
    fog-aws (3.14.0)
      fog-core (~> 2.1)
      fog-json (~> 1.1)
      fog-xml (~> 0.1)
    fog-core (2.3.0)
      builder
      excon (~> 0.71)
      formatador (>= 0.2, < 2.0)
      mime-types
    fog-json (1.2.0)
      fog-core
      multi_json (~> 1.10)
    fog-xml (0.1.4)
      fog-core
      nokogiri (>= 1.5.11, < 2.0.0)
    font-awesome-sass (5.11.2)
      sassc (>= 1.11)
    formatador (1.1.0)
    globalid (1.0.0)
      activesupport (>= 5.0)
    high_voltage (3.1.2)
    i18n (1.10.0)
      concurrent-ruby (~> 1.0)
    image_processing (1.12.2)
      mini_magick (>= 4.9.5, < 5)
      ruby-vips (>= 2.0.17, < 3)
    importmap-rails (1.0.3)
      actionpack (>= 6.0.0)
      railties (>= 6.0.0)
    io-console (0.5.11)
    irb (1.4.1)
      reline (>= 0.3.0)
    jmespath (1.6.1)
    jquery-rails (4.4.0)
      rails-dom-testing (>= 1, < 3)
      railties (>= 4.2.0)
      thor (>= 0.14, < 2.0)
    jwt (2.3.0)
    kaminari (1.2.2)
      activesupport (>= 4.1.0)
      kaminari-actionview (= 1.2.2)
      kaminari-activerecord (= 1.2.2)
      kaminari-core (= 1.2.2)
    kaminari-actionview (1.2.2)
      actionview
      kaminari-core (= 1.2.2)
    kaminari-activerecord (1.2.2)
      activerecord
      kaminari-core (= 1.2.2)
    kaminari-core (1.2.2)
    loofah (2.17.0)
      crass (~> 1.0.2)
      nokogiri (>= 1.5.9)
    mail (2.7.1)
      mini_mime (>= 0.1.1)
    marcel (1.0.2)
    method_source (1.0.0)
    mime-types (3.4.1)
      mime-types-data (~> 3.2015)
    mime-types-data (3.2022.0105)
    mini_magick (4.11.0)
    mini_mime (1.1.2)
    minitest (5.15.0)
    msgpack (1.5.1)
    multi_json (1.15.0)
    multi_xml (0.6.0)
    net-imap (0.2.3)
      digest
      net-protocol
      strscan
    net-pop (0.1.1)
      digest
      net-protocol
      timeout
    net-protocol (0.1.3)
      timeout
    net-smtp (0.3.1)
      digest
      net-protocol
      timeout
    nio4r (2.5.8)
    nokogiri (1.13.4-x86_64-darwin)
      racc (~> 1.4)
    nokogiri (1.13.4-x86_64-linux)
      racc (~> 1.4)
    oauth (0.5.9)
    oauth2 (1.4.9)
      faraday (>= 0.17.3, < 3.0)
      jwt (>= 1.0, < 3.0)
      multi_json (~> 1.3)
      multi_xml (~> 0.5)
      rack (>= 1.2, < 3)
    parallel (1.22.1)
    parser (3.1.2.0)
      ast (~> 2.4.1)
    pg (1.3.5)
    popper_js (1.16.0)
    pry (0.13.1)
      coderay (~> 1.1)
      method_source (~> 1.0)
    pry-byebug (3.9.0)
      byebug (~> 11.0)
      pry (~> 0.13.0)
    public_suffix (4.0.7)
    puma (5.6.4)
      nio4r (~> 2.0)
    racc (1.6.0)
    rack (2.2.3)
    rack-test (1.1.0)
      rack (>= 1.0, < 3)
    rails (7.0.2.4)
      actioncable (= 7.0.2.4)
      actionmailbox (= 7.0.2.4)
      actionmailer (= 7.0.2.4)
      actionpack (= 7.0.2.4)
      actiontext (= 7.0.2.4)
      actionview (= 7.0.2.4)
      activejob (= 7.0.2.4)
      activemodel (= 7.0.2.4)
      activerecord (= 7.0.2.4)
      activestorage (= 7.0.2.4)
      activesupport (= 7.0.2.4)
      bundler (>= 1.15.0)
      railties (= 7.0.2.4)
    rails-dom-testing (2.0.3)
      activesupport (>= 4.2.0)
      nokogiri (>= 1.6)
    rails-html-sanitizer (1.4.2)
      loofah (~> 2.3)
    rails-i18n (7.0.3)
      i18n (>= 0.7, < 2)
      railties (>= 6.0.0, < 8)
    railties (7.0.2.4)
      actionpack (= 7.0.2.4)
      activesupport (= 7.0.2.4)
      method_source
      rake (>= 12.2)
      thor (~> 1.0)
      zeitwerk (~> 2.5)
    rainbow (3.1.1)
    rake (13.0.6)
    ransack (3.1.0)
      activerecord (>= 6.0.4)
      activesupport (>= 6.0.4)
      i18n
    rb-fsevent (0.11.1)
    rb-inotify (0.10.1)
      ffi (~> 1.0)
    regexp_parser (2.4.0)
    reline (0.3.1)
      io-console (~> 0.5)
    request_store (1.5.1)
      rack (>= 1.4)
    rexml (3.2.5)
    roboto (1.0.1)
      rails (>= 4.2)
    rubocop (1.29.1)
      parallel (~> 1.10)
      parser (>= 3.1.0.0)
      rainbow (>= 2.2.2, < 4.0)
      regexp_parser (>= 1.8, < 3.0)
      rexml (>= 3.2.5, < 4.0)
      rubocop-ast (>= 1.17.0, < 2.0)
      ruby-progressbar (~> 1.7)
      unicode-display_width (>= 1.4.0, < 3.0)
    rubocop-ast (1.18.0)
      parser (>= 3.1.1.0)
    ruby-progressbar (1.11.0)
    ruby-vips (2.1.4)
      ffi (~> 1.12)
    ruby2_keywords (0.0.5)
    sass (3.7.4)
      sass-listen (~> 4.0.0)
    sass-listen (4.0.0)
      rb-fsevent (~> 0.9, >= 0.9.4)
      rb-inotify (~> 0.9, >= 0.9.7)
    sassc (2.4.0)
      ffi (~> 1.9)
    sitemap_generator (6.2.1)
      builder (~> 3.0)
    sorcery (0.16.3)
      bcrypt (~> 3.1)
      oauth (~> 0.5, >= 0.5.5)
      oauth2 (~> 1.0, >= 0.8.0)
    sprockets (4.0.3)
      concurrent-ruby (~> 1.0)
      rack (> 1, < 3)
    sprockets-rails (3.4.2)
      actionpack (>= 5.2)
      activesupport (>= 5.2)
      sprockets (>= 3.0.0)
    sqlite3 (1.4.2)
    ssrf_filter (1.0.7)
    stimulus-rails (1.0.4)
      railties (>= 6.0.0)
    strscan (3.0.1)
    tailwindcss-rails (2.0.8-x86_64-darwin)
      railties (>= 6.0.0)
    tailwindcss-rails (2.0.8-x86_64-linux)
      railties (>= 6.0.0)
    thor (1.2.1)
    timeout (0.2.0)
    turbo-rails (1.0.1)
      actionpack (>= 6.0.0)
      railties (>= 6.0.0)
    tzinfo (2.0.4)
      concurrent-ruby (~> 1.0)
    unicode-display_width (2.1.0)
    web-console (4.2.0)
      actionview (>= 6.0.0)
      activemodel (>= 6.0.0)
      bindex (>= 0.4.0)
      railties (>= 6.0.0)
    websocket-driver (0.7.5)
      websocket-extensions (>= 0.1.0)
    websocket-extensions (0.1.5)
    whenever (1.0.0)
      chronic (>= 0.6.3)
    zeitwerk (2.5.4)

PLATFORMS
  x86_64-darwin-20
  x86_64-linux

DEPENDENCIES
  aws-sdk-s3
  better_errors
  binding_of_caller
  bootsnap
  bootstrap (~> 4.1.3)
  carrierwave
  debug
  dotenv-rails
  draper
  enum_help
  faker
  fog-aws
  font-awesome-sass (~> 5.11.2)
  high_voltage
  importmap-rails
  jquery-rails
  kaminari
  mini_magick
  pg
  pry-byebug
  puma (~> 5.0)
  rails (~> 7.0.2, >= 7.0.2.4)
  rails-i18n
  ransack
  roboto
  rubocop
  sitemap_generator
  sorcery (~> 0.16.0)
  sprockets-rails
  sqlite3
  stimulus-rails
  tailwindcss-rails
  turbo-rails
  tzinfo-data
  web-console
  whenever

RUBY VERSION
   ruby 3.0.0p0

BUNDLED WITH
   2.2.27
